GEM
  remote: https://rubygems.org/
  specs:
    aws-sdk (1.38.0)
      json (~> 1.4)
      nokogiri (>= 1.4.4)
      uuidtools (~> 2.1)
    classifier (1.3.3)
      fast-stemmer (>= 1.0.0)
    colorator (0.1)
    colored (1.2)
    commander (4.1.5)
      highline (~> 1.6.11)
    configure-s3-website (1.5.2)
      deep_merge (= 1.0.0)
    deep_merge (1.0.0)
    directory_watcher (1.4.1)
    erubis (2.7.0)
    fast-stemmer (1.0.2)
    filey-diff (1.4.3)
    highline (1.6.19)
    jekyll (1.2.0)
      classifier (~> 1.3)
      colorator (~> 0.1)
      commander (~> 4.1.3)
      directory_watcher (~> 1.4.1)
      liquid (~> 2.5.1)
      maruku (~> 0.5)
      pygments.rb (~> 0.5.0)
      redcarpet (~> 2.2.2)
      safe_yaml (~> 0.7.0)
    json (1.8.1)
    liquid (2.5.2)
    maruku (0.6.1)
      syntax (>= 1.0.0)
    mime-types (1.25.1)
    mini_portile (0.5.3)
    nokogiri (1.6.1)
      mini_portile (~> 0.5.0)
    posix-spawn (0.3.6)
    pygments.rb (0.5.2)
      posix-spawn (~> 0.3.6)
      yajl-ruby (~> 1.1.0)
    redcarpet (2.2.2)
    s3_website (1.7.0)
      aws-sdk (~> 1)
      configure-s3-website (= 1.5.2)
      erubis (~> 2.7.0)
      filey-diff (~> 1.4.3)
      mime-types (~> 1)
      simple-cloudfront-invalidator (~> 1)
      thor (= 0.18.1)
      zopfli (~> 0.0.3)
    safe_yaml (0.7.1)
    simple-cloudfront-invalidator (1.0.1)
      colored (= 1.2)
    syntax (1.0.0)
    thor (0.18.1)
    uuidtools (2.1.4)
    yajl-ruby (1.1.0)
    zopfli (0.0.3)

PLATFORMS
  ruby

DEPENDENCIES
  jekyll (= 1.2.0)
  s3_website (= 1.7.0)
